GEM
  remote: http://rubygems.org/
  specs:
    SystemTimer (1.2.3)
    extensions (0.6.0)
    faraday (0.8.4)
      multipart-post (~> 1.1)
    multi_json (1.3.7)
    multipart-post (1.1.5)
    nokogiri (1.5.5)
    redis (3.0.2)
    simple_oauth (0.1.9)
    twitter (4.2.0)
      faraday (~> 0.8)
      multi_json (~> 1.3)
      simple_oauth (~> 0.1.6)

PLATFORMS
  ruby

DEPENDENCIES
  SystemTimer
  extensions
  nokogiri
  redis
  twitter
